GEM
  remote: https://rubygems.org/
  specs:
    diff-lcs (1.5.0)
    gastar (1.0.2)
    rspec (3.12.0)
      rspec-core (~> 3.12.0)
      rspec-expectations (~> 3.12.0)
      rspec-mocks (~> 3.12.0)
    rspec-core (3.12.0)
      rspec-support (~> 3.12.0)
    rspec-expectations (3.12.0)
      diff-lcs (>= 1.2.0, < 2.0)
      rspec-support (~> 3.12.0)
    rspec-mocks (3.12.0)
      diff-lcs (>= 1.2.0, < 2.0)
      rspec-support (~> 3.12.0)
    rspec-support (3.12.0)
    zeitwerk (2.6.6)

PLATFORMS
  arm64-darwin-20
  arm64-darwin-21
  x86_64-linux

DEPENDENCIES
  gastar
  rspec (~> 3.12)
  zeitwerk (~> 2.6)

BUNDLED WITH
   2.3.25
